GEM
  remote: http://rubygems.org/
  specs:
    hirb (0.7.0)
    nokogiri (1.5.5-x86-mingw32)
    thor (0.16.0)

PLATFORMS
  x86-mingw32

DEPENDENCIES
  hirb
  nokogiri
  thor
